GEM
  remote: https://rubygems.org/
  specs:
    add