GEM
  remote: https://rubygems.org/
  specs:
    addressable (2.3.3)
    crack (0.3.2)
    diff-lcs (1.2.1)
    faraday (0.8.6)
      multipart-post (~> 1.1)
    faraday_middleware (0.9.0)
      faraday (>= 0.7.4, < 0.9)
    hashie (2.0.2)
    json (1.7.7)
    multi_json (1.6.1)
    multipart-post (1.2.0)
    rake (10.0.3)
    rash (0.4.0)
      hashie (~> 2.0.0)
    rspec (2.13.0