GEM
  remote: https://rubygems.org/
  specs:
    addressable (2.3.3)
    cra